GEM
  remote: http://rubygems.org/
  specs:
    rack (1.6.10)
    rack-protection (1.5.5)
      rack
    sinatra (1.4.8)
      rack (~> 1.5)
      rack-protection (~> 1.4)
      tilt (>= 1.3, < 3)
    sqlite3 (1.3.13)
    tilt (2.0.8)

PLATFORMS
  ruby

DEPENDENCIES
  sinatra (~> 1.4, >= 1.4.8)
  sqlite3 (~> 1.3, >= 1.3.13)

BUNDLED WITH
   1.16.0
